GEM
  remote: https://rubygems.org/
  specs:
    RedCloth (4.2.9)
    daemons (1.1.8)
    eventmachine (0.12.10)
    haml (3.1.4)
    kramdown (0.13.5)
    pdfkit (0.5.2)
    presto (0.3.6)
      rack (~> 1.3)
      tilt (~> 1.3)
    rack (1.4.1)
    thin (1.3.1)
      daemons (>= 1.0.9)
      eventmachine (>= 0.12.6)
      rack (>= 1.0.0)
    tilt (1.3.3)

PLATFORMS
  ruby

DEPENDENCIES
  RedCloth
  haml
  kramdown
  pdfkit
  presto
  thin
